PATH
  remote: .
  specs:
    tiny_png_checker (0.1.0)
      chunky_png (~> 1.3, >= 1.3.10)

GEM
  remote: https://rubygems.org/
  specs:
    chunky_png (1.3.10)
    minitest (5.11.3)
    rake (10.5.0)

PLATFORMS
  ruby

DEPENDENCIES
  bundler (~> 1.16)
  minitest (~> 5.0)
  rake (~> 10.0)
  tiny_png_checker!

BUNDLED WITH
   1.16.4
