PATH
  remote: .
  specs:
    tiny_png_checker (0.1.2)
      chunky_png (~> 1.3, >= 1.3.10)
      commander (~> 4.4, >= 4.4.6)
      figaro (~> 1.1, >= 1.1.1)
      parallel (~> 1.12, >= 1.12.1)
      tinify (~> 1.5)

GEM
  remote: https://rubygems.org/
  specs:
    benchmark_methods (0.7)
    chunky_png (1.3.10)
    commander (4.4.6)
      highline (~> 1.7.2)
    figaro (1.1.1)
      thor (~> 0.14)
    highline (1.7.10)
    httpclient (2.8.3)
    minitest (5.11.3)
    parallel (1.12.1)
    rake (10.5.0)
    thor (0.20.0)
    tinify (1.5.0)
      httpclient (~> 2.6)

PLATFORMS
  ruby

DEPENDENCIES
  benchmark_methods (~> 0.7)
  bundler (~> 1.16)
  minitest (~> 5.0)
  rake (~> 10.0)
  tiny_png_checker!

BUNDLED WITH
   1.16.4
